GEM
  remote: https://rubygems.org/
  specs:
    chunky_png (1.2.9)
    compass (0.13.alpha.10)
      chunky_png (~> 1.2)
      json
      listen (~> 1.1.0)
      sass (~> 3.3.0.rc.1)
    json (1.8.1)
    listen (1.1.6)
    sass (3.3.0.rc.1)

PLATFORMS
  ruby

DEPENDENCIES
  compass (= 0.13.alpha.10)
